GEM
  remote: http://rubygems.org/
  specs:
    actionmailer (2.3.5)
      actionpack (= 2.3.5)
    actionpack (2.3.5)
      activesupport (= 2.3.5)
      rack (~> 1.0.0)
    activerecord (2.3.5)
      activesupport (= 2.3.5)
    activeresource (2.3.5)
      activesupport (= 2.3.5)
    activesupport (2.3.5)
    builder (3.0.0)
    cobravsmongoose (0.0.2)
    escape (0.0.4)
    factory_girl (1.3.3)
    nokogiri (1.4.3.1)
    rack (1.0.1)
    rails (2.3.5)
      actionmailer (= 2.3.5)
      actionpack (= 2.3.5)
      activerecord (= 2.3.5)
      activeresource (= 2.3.5)
      activesupport (= 2.3.5)
      rake (>= 0.8.3)
    rake (0.8.7)
    rsolr (0.12.1)
      builder (>= 2.1.2)
    rspec (1.3.0)
    rspec-rails (1.3.2)
      rack (>= 1.0.0)
      rspec (>= 1.3.0)
    sunspot (1.1.0)
      escape (= 0.0.4)
      rsolr (= 0.12.1)
    sunspot_rails (1.1.0)
      sunspot (= 1.1.0)
    will_paginate (2.3.12)

PLATFORMS
  ruby

DEPENDENCIES
  cobravsmongoose (= 0.0.2)
  factory_girl
  nokogiri (= 1.4.3.1)
  rack (= 1.0.1)
  rails (= 2.3.5)
  rspec (= 1.3.0)
  rspec-rails (= 1.3.2)
  sunspot_rails (= 1.1.0)
  will_paginate (= 2.3.12)
